GEM
  remote: https://rubygems.org/
  specs:
    rake (12.3.0)

PLATFORMS
  ruby

DEPENDENCIES
  rake

BUNDLED WITH
   2.0.2
